GIT
  remote: https://github.com/ryanbrainard/slug-compiler.git
  revision: 084c10355641d4978eb4ebbcf38cd57f2a4a63f8
  branch: anvilness
  specs:
    slug-compiler (2.0.1)

GEM
  remote: https://rubygems.org/
  specs:
    thor (0.17.0)

PLATFORMS
  ruby

DEPENDENCIES
  slug-compiler!
  thor
