GIT
  remote: https://github.com/ryanbrainard/slug-compiler.git
  revision: d1aaea29aa1cba887b66e92a03b7728de9f338b0
  tag: 2.0.1
  specs:
    slug-compiler (2.0.1)

GEM
  remote: https://rubygems.org/
  specs:

PLATFORMS
  ruby

DEPENDENCIES
  slug-compiler (= 2.0.1)!
