GIT
  remote: https://github.com/ryanbrainard/slug-compiler.git
  revision: d1aaea29aa1cba887b66e92a03b7728de9f338b0
  tag: 2.0.1
  specs:
    slug-compiler (2.0.1)

GEM
  remote: https://rubygems.org/
  specs:
    diff-lcs (1.1.3)
    rspec (2.9.0)
      rspec-core (~> 2.9.0)
      rspec-expectations (~> 2.9.0)
      rspec-mocks (~> 2.9.0)
    rspec-core (2.9.0)
    rspec-expectations (2.9.1)
      diff-lcs (~> 1.1.3)
    rspec-mocks (2.9.0)

PLATFORMS
  ruby

DEPENDENCIES
  rspec
  slug-compiler (= 2.0.1)!
