GIT
  remote: https://github.com/ryanbrainard/slug-compiler.git
  revision: abeb5ca9b2d153a7a77a91694d2cf5834a32fbf4
  branch: anvilness
  specs:
    slug-compiler (2.0.0)

GEM
  remote: https://rubygems.org/
  specs:

PLATFORMS
  ruby

DEPENDENCIES
  slug-compiler!
